FRAMEWORK: >= NET45
NUGET
  remote: https://www.nuget.org/api/v2
    Costura.Fody (1.3.3)
      Fody (>= 1.26.1)
    Fody (1.29.4)
    MahApps.Metro (1.4.0-ALPHA032)
    MahApps.Metro.IconPacks (1.6)
